PATH
  remote: .
  specs:
    schnitzel (0.0.1)
      gosu

GEM
  remote: https://rubygems.org/
  specs:
    gosu (0.7.47.1)
    rake (10.0.4)

PLATFORMS
  ruby

DEPENDENCIES
  bundler (~> 1.3)
  rake
  schnitzel!
